PATH
  remote: ..
  specs:
    sidekiq-prometheus-exporter (0.2.0)
      rack (>= 1.6.0)
      sidekiq (>= 4.1.0)

GEM
  remote: https://rubygems.org/
  specs:
    connection_pool (2.4.1)
    rack (2.2.7)
    redis (4.8.1)
    redis-namespace (1.11.0)
      redis (>= 4)
    sidekiq (6.5.9)
      connection_pool (>= 2.2.5, < 3)
      rack (~> 2.0)
      redis (>= 4.5.0, < 5)
    webrick (1.8.1)

PLATFORMS
  x86_64-darwin-21

DEPENDENCIES
  rack (= 2.2.7)
  redis-namespace (= 1.11.0)
  sidekiq (= 6.5.9)
  sidekiq-prometheus-exporter!
  webrick (= 1.8.1)

BUNDLED WITH
   2.4.14
